GEM
  remote: https://rubygems.org/
  specs:
    actioncable (7.2.1.1)
      actionpack (= 7.2.1.1)
      activesupport (= 7.2.1.1)
      nio4r (~> 2.0)
      websocket-driver (>= 0.6.1)
      zeitwerk (~> 2.6)
    actionmailbox (7.2.1.1)
      actionpack (= 7.2.1.1)
      activejob (= 7.2.1.1)
      activerecord (= 7.2.1.1)
      activestorage (= 7.2.1.1)
      activesupport (= 7.2.1.1)
      mail (>= 2.8.0)
    actionmailer (7.2.1.1)
      actionpack (= 7.2.1.1)
      actionview (= 7.2.1.1)
      activejob (= 7.2.1.1)
      activesupport (= 7.2.1.1)
      mail (>= 2.8.0)
      rails-dom-testing (~> 2.2)
    actionpack (7.2.1.1)
      actionview (= 7.2.1.1)
      activesupport (= 7.2.1.1)
      nokogiri (>= 1.8.5)
      racc
      rack (>= 2.2.4, < 3.2)
      rack-session (>= 1.0.1)
      rack-test (>= 0.6.3)
      rails-dom-testing (~> 2.2)
      rails-html-sanitizer (~> 1.6)
      useragent (~> 0.16)
    actiontext (7.2.1.1)
      actionpack (= 7.2.1.1)
      activerecord (= 7.2.1.1)
      activestorage (= 7.2.1.1)
      activesupport (= 7.2.1.1)
      globalid (>= 0.6.0)
      nokogiri (>= 1.8.5)
    actionview (7.2.1.1)
      activesupport (= 7.2.1.1)
      builder (~> 3.1)
      erubi (~> 1.11)
      rails-dom-testing (~> 2.2)
      rails-html-sanitizer (~> 1.6)
    activejob (7.2.1.1)
      activesupport (= 7.2.1.1)
      globalid (>= 0.3.6)
    activemodel (7.2.1.1)
      activesupport (= 7.2.1.1)
    activerecord (7.2.1.1)
      activemodel (= 7.2.1.1)
      activesupport (= 7.2.1.1)
      timeout (>= 0.4.0)
    activestorage (7.2.1.1)
      actionpack (= 7.2.1.1)
      activejob (= 7.2.1.1)
      activerecord (= 7.2.1.1)
      activesupport (= 7.2.1.1)
      marcel (~> 1.0)
    activesupport (7.2.1.1)
      base64
      bigdecimal
      concurrent-ruby (~> 1.0, >= 1.3.1)
      connection_pool (>= 2.2.5)
      drb
      i18n (>= 1.6, < 2)
      logger (>= 1.4.2)
      minitest (>= 5.1)
      securerandom (>= 0.3)
      tzinfo (~> 2.0, >= 2.0.5)
    addressable (2.8.7)
      public_suffix (>= 2.0.2, < 7.0)
    administrate (0.20.1)
      actionpack (>= 6.0, < 8.0)
      actionview (>= 6.0, < 8.0)
      activerecord (>= 6.0, < 8.0)
      jquery-rails (~> 4.6.0)
      kaminari (~> 1.2.2)
      sassc-rails (~> 2.1)
      selectize-rails (~> 0.6)
    administrate-rich-text (0.0.2)
      administrate (< 1.0.0)
      rails (>= 7.0.0)
    ancestry (4.3.3)
      activerecord (>= 5.2.6)
    ansi (1.5.0)
    appraisal (2.5.0)
      bundler
      rake
      thor (>= 0.14.0)
    ast (2.4.2)
    base64 (0.2.0)
    bcrypt (3.1.20)
    bigdecimal (3.1.8)
    bindex (0.8.1)
    bootsnap (1.18.4)
      msgpack (~> 1.2)
    brakeman (6.2.1)
      racc
    builder (3.3.0)
    byebug (11.1.3)
    capybara (3.40.0)
      addressable
      matrix
      mini_mime (>= 0.1.3)
      nokogiri (~> 1.11)
      rack (>= 1.6.0)
      rack-test (>= 0.6.3)
      regexp_parser (>= 1.5, < 3.0)
      xpath (~> 3.2)
    chunky_png (1.4.0)
    coderay (1.1.3)
    concurrent-ruby (1.3.4)
    connection_pool (2.4.1)
    crass (1.0.6)
    cssbundling-rails (1.4.1)
      railties (>= 6.0.0)
    date (3.3.4)
    debug (1.9.2)
      irb (~> 1.10)
      reline (>= 0.3.8)
    devise (4.9.4)
      bcrypt (~> 3.0)
      orm_adapter (~> 0.1)
      railties (>= 4.1.0)
      responders
      warden (~> 1.2.3)
    docile (1.4.1)
    drb (2.2.1)
    erubi (1.13.0)
    ffaker (2.23.0)
    ffi (1.17.0-aarch64-linux-gnu)
    ffi (1.17.0-arm-linux-gnu)
    ffi (1.17.0-arm64-darwin)
    ffi (1.17.0-x86-linux-gnu)
    ffi (1.17.0-x86_64-darwin)
    ffi (1.17.0-x86_64-linux-gnu)
    formatador (1.1.0)
    friendly_id (5.5.1)
      activerecord (>= 4.0.0)
    globalid (1.2.1)
      activesupport (>= 6.1)
    guard (2.18.1)
      formatador (>= 0.2.4)
      listen (>= 2.7, < 4.0)
      lumberjack (>= 1.0.12, < 2.0)
      nenv (~> 0.1)
      notiffany (~> 0.0)
      pry (>= 0.13.0)
      shellany (~> 0.0)
      thor (>= 0.18.1)
    guard-compat (1.2.1)
    guard-minitest (2.4.6)
      guard-compat (~> 1.2)
      minitest (>= 3.0)
    i18n (1.14.6)
      concurrent-ruby (~> 1.0)
    io-console (0.7.2)
    irb (1.14.1)
      rdoc (>= 4.0.0)
      reline (>= 0.4.2)
    jbuilder (2.13.0)
      actionview (>= 5.0.0)
      activesupport (>= 5.0.0)
    jquery-rails (4.6.0)
      rails-dom-testing (>= 1, < 3)
      railties (>= 4.2.0)
      thor (>= 0.14, < 2.0)
    jsbundling-rails (1.3.1)
      railties (>= 6.0.0)
    json (2.7.2)
    kaminari (1.2.2)
      activesupport (>= 4.1.0)
      kaminari-actionview (= 1.2.2)
      kaminari-activerecord (= 1.2.2)
      kaminari-core (= 1.2.2)
    kaminari-actionview (1.2.2)
      actionview
      kaminari-core (= 1.2.2)
    kaminari-activerecord (1.2.2)
      activerecord
      kaminari-core (= 1.2.2)
    kaminari-core (1.2.2)
    language_server-protocol (3.17.0.3)
    lint_roller (1.1.0)
    listen (3.9.0)
      rb-fsevent (~> 0.10, >= 0.10.3)
      rb-inotify (~> 0.9, >= 0.9.10)
    logger (1.6.1)
    loofah (2.22.0)
      crass (~> 1.0.2)
      nokogiri (>= 1.12.0)
    lumberjack (1.2.10)
    madmin (1.2.11)
      pagy (>= 3.5)
      rails (>= 6.0.3)
    mail (2.8.1)
      mini_mime (>= 0.1.1)
      net-imap
      net-pop
      net-smtp
    marcel (1.0.4)
    matrix (0.4.2)
    method_source (1.1.0)
    mini_magick (5.0.1)
    mini_mime (1.1.5)
    minitest (5.25.1)
    minitest-reporters (1.7.1)
      ansi
      builder
      minitest (>= 5.0)
      ruby-progressbar
    msgpack (1.7.3)
    name_of_person (1.1.3)
      activesupport (>= 5.2.0)
    nenv (0.3.0)
    net-imap (0.5.0)
      date
      net-protocol
    net-pop (0.1.2)
      net-protocol
    net-protocol (0.2.2)
      timeout
    net-smtp (0.5.0)
      net-protocol
    nio4r (2.7.3)
    nokogiri (1.16.7-aarch64-linux)
      racc (~> 1.4)
    nokogiri (1.16.7-arm-linux)
      racc (~> 1.4)
    nokogiri (1.16.7-arm64-darwin)
      racc (~> 1.4)
    nokogiri (1.16.7-x86-linux)
      racc (~> 1.4)
    nokogiri (1.16.7-x86_64-darwin)
      racc (~> 1.4)
    nokogiri (1.16.7-x86_64-linux)
      racc (~> 1.4)
    notiffany (0.1.3)
      nenv (~> 0.1)
      shellany (~> 0.0)
    orm_adapter (0.5.0)
    pagy (9.1.0)
    parallel (1.26.3)
    parser (3.3.5.0)
      ast (~> 2.4.1)
      racc
    pg (1.5.9)
    pry (0.14.2)
      coderay (~> 1.1)
      method_source (~> 1.0)
    psych (5.1.2)
      stringio
    public_suffix (6.0.1)
    puma (6.4.3)
      nio4r (~> 2.0)
    racc (1.8.1)
    rack (3.1.8)
    rack-session (2.0.0)
      rack (>= 3.0.0)
    rack-test (2.1.0)
      rack (>= 1.3)
    rackup (2.1.0)
      rack (>= 3)
      webrick (~> 1.8)
    rails (7.2.1.1)
      actioncable (= 7.2.1.1)
      actionmailbox (= 7.2.1.1)
      actionmailer (= 7.2.1.1)
      actionpack (= 7.2.1.1)
      actiontext (= 7.2.1.1)
      actionview (= 7.2.1.1)
      activejob (= 7.2.1.1)
      activemodel (= 7.2.1.1)
      activerecord (= 7.2.1.1)
      activestorage (= 7.2.1.1)
      activesupport (= 7.2.1.1)
      bundler (>= 1.15.0)
      railties (= 7.2.1.1)
    rails-controller-testing (1.0.5)
      actionpack (>= 5.0.1.rc1)
      actionview (>= 5.0.1.rc1)
      activesupport (>= 5.0.1.rc1)
    rails-dom-testing (2.2.0)
      activesupport (>= 5.0.0)
      minitest
      nokogiri (>= 1.6)
    rails-html-sanitizer (1.6.0)
      loofah (~> 2.21)
      nokogiri (~> 1.14)
    railties (7.2.1.1)
      actionpack (= 7.2.1.1)
      activesupport (= 7.2.1.1)
      irb (~> 1.13)
      rackup (>= 1.0.0)
      rake (>= 12.2)
      thor (~> 1.0, >= 1.2.2)
      zeitwerk (~> 2.6)
    rainbow (3.1.1)
    rake (13.2.1)
    rb-fsevent (0.11.2)
    rb-inotify (0.11.1)
      ffi (~> 1.0)
    rdoc (6.7.0)
      psych (>= 4.0.0)
    regexp_parser (2.9.2)
    reline (0.5.10)
      io-console (~> 0.5)
    responders (3.1.1)
      actionpack (>= 5.2)
      railties (>= 5.2)
    rexml (3.3.8)
    rqrcode (2.2.0)
      chunky_png (~> 1.0)
      rqrcode_core (~> 1.0)
    rqrcode_core (1.2.0)
    rubocop (1.66.1)
      json (~> 2.3)
      language_server-protocol (>= 3.17.0)
      parallel (~> 1.10)
      parser (>= 3.3.0.2)
      rainbow (>= 2.2.2, < 4.0)
      regexp_parser (>= 2.4, < 3.0)
      rubocop-ast (>= 1.32.2, < 2.0)
      ruby-progressbar (~> 1.7)
      unicode-display_width (>= 2.4.0, < 3.0)
    rubocop-ast (1.32.3)
      parser (>= 3.3.1.0)
    rubocop-minitest (0.36.0)
      rubocop (>= 1.61, < 2.0)
      rubocop-ast (>= 1.31.1, < 2.0)
    rubocop-performance (1.22.1)
      rubocop (>= 1.48.1, < 2.0)
      rubocop-ast (>= 1.31.1, < 2.0)
    rubocop-rails (2.26.2)
      activesupport (>= 4.2.0)
      rack (>= 1.1)
      rubocop (>= 1.52.0, < 2.0)
      rubocop-ast (>= 1.31.1, < 2.0)
    rubocop-rails-omakase (1.0.0)
      rubocop
      rubocop-minitest
      rubocop-performance
      rubocop-rails
    ruby-progressbar (1.13.0)
    rubyzip (2.3.2)
    sassc (2.4.0)
      ffi (~> 1.9)
    sassc-rails (2.1.2)
      railties (>= 4.0.0)
      sassc (>= 2.0)
      sprockets (> 3.0)
      sprockets-rails
      tilt
    securerandom (0.3.1)
    selectize-rails (0.12.6)
    selenium-webdriver (4.10.0)
      rexml (~> 3.2, >= 3.2.5)
      rubyzip (>= 1.2.2, < 3.0)
      websocket (~> 1.0)
    shellany (0.0.1)
    simplecov (0.22.0)
      docile (~> 1.1)
      simplecov-html (~> 0.11)
      simplecov_json_formatter (~> 0.1)
    simplecov-html (0.13.1)
    simplecov_json_formatter (0.1.4)
    sprockets (4.2.1)
      concurrent-ruby (~> 1.0)
      rack (>= 2.2.4, < 4)
    sprockets-rails (3.5.2)
      actionpack (>= 6.1)
      activesupport (>= 6.1)
      sprockets (>= 3.0.0)
    sqlite3 (2.1.0-aarch64-linux-gnu)
    sqlite3 (2.1.0-arm-linux-gnu)
    sqlite3 (2.1.0-arm64-darwin)
    sqlite3 (2.1.0-x86-linux-gnu)
    sqlite3 (2.1.0-x86_64-darwin)
    sqlite3 (2.1.0-x86_64-linux-gnu)
    standard (1.41.0)
      language_server-protocol (~> 3.17.0.2)
      lint_roller (~> 1.0)
      rubocop (~> 1.66.0)
      standard-custom (~> 1.0.0)
      standard-performance (~> 1.5)
    standard-custom (1.0.2)
      lint_roller (~> 1.0)
      rubocop (~> 1.50)
    standard-performance (1.5.0)
      lint_roller (~> 1.1)
      rubocop-performance (~> 1.22.0)
    standardrb (1.0.1)
      standard
    stimulus-rails (1.3.4)
      railties (>= 6.0.0)
    stringio (3.1.1)
    tailwindcss-rails (3.0.0)
      railties (>= 7.0.0)
      tailwindcss-ruby
    tailwindcss-ruby (3.4.14)
    tailwindcss-ruby (3.4.14-aarch64-linux)
    tailwindcss-ruby (3.4.14-arm-linux)
    tailwindcss-ruby (3.4.14-arm64-darwin)
    tailwindcss-ruby (3.4.14-x86_64-darwin)
    tailwindcss-ruby (3.4.14-x86_64-linux)
    thor (1.3.2)
    tilt (2.4.0)
    timeout (0.4.1)
    turbo-rails (2.0.11)
      actionpack (>= 6.0.0)
      railties (>= 6.0.0)
    tzinfo (2.0.6)
      concurrent-ruby (~> 1.0)
    unicode-display_width (2.6.0)
    useragent (0.16.10)
    warden (1.2.9)
      rack (>= 2.0.9)
    web-console (4.2.1)
      actionview (>= 6.0.0)
      activemodel (>= 6.0.0)
      bindex (>= 0.4.0)
      railties (>= 6.0.0)
    webdrivers (5.3.1)
      nokogiri (~> 1.6)
      rubyzip (>= 1.3.0)
      selenium-webdriver (~> 4.0, < 4.11)
    webrick (1.8.2)
    websocket (1.2.11)
    websocket-driver (0.7.6)
      websocket-extensions (>= 0.1.0)
    websocket-extensions (0.1.5)
    xpath (3.2.0)
      nokogiri (~> 1.8)
    zeitwerk (2.7.0)

PLATFORMS
  aarch64-linux
  arm-linux
  arm64-darwin
  x86-linux
  x86_64-darwin
  x86_64-linux

DEPENDENCIES
  administrate (~> 0.20.1)
  administrate-rich-text
  ancestry
  appraisal
  bcrypt
  bootsnap
  brakeman (~> 6.2, >= 6.2.1)
  byebug
  capybara
  cssbundling-rails
  debug
  devise (~> 4.9, >= 4.9.3)
  ffaker (~> 2.23)
  friendly_id (~> 5.5, >= 5.5.1)
  guard (~> 2.18, >= 2.18.1)
  guard-minitest (~> 2.4, >= 2.4.6)
  jbuilder (~> 2.13)
  jquery-rails (~> 4.6)
  jsbundling-rails
  madmin (~> 1.2, >= 1.2.10)
  mini_magick (~> 5.0, >= 5.0.1)
  minitest (~> 5.23, >= 5.23.1)
  minitest-reporters (~> 1.6, >= 1.6.1)
  name_of_person (~> 1.1, >= 1.1.1)
  pagy (~> 9.1)
  pg (~> 1.5)
  puma (~> 6.4, >= 6.4.3)
  rails (~> 7.2.1.1, >= 7.2.1)
  rails-controller-testing (~> 1.0, >= 1.0.5)
  rqrcode (~> 2.2)
  rubocop-rails-omakase
  selenium-webdriver
  simplecov
  sprockets-rails
  sqlite3 (~> 2.1)
  standardrb
  stimulus-rails
  tailwindcss-rails (~> 3.0)
  turbo-rails (~> 2.0, >= 2.0.11)
  tzinfo-data
  web-console
  webdrivers (~> 5.3, >= 5.3.1)

RUBY VERSION
   ruby 3.3.1p55

BUNDLED WITH
   2.5.3
